PATH
  remote: .
  specs:
    gsolr (0.12.2)
      json (~> 1.4.6)
      streamly_ffi

GEM
  remote: http://rubygems.org/
  specs:
    builder (2.1.2)
    curl_ffi (0.0.6)
      ffi
    diff-lcs (1.1.2)
    ffi (0.6.3)
      rake (>= 0.8.7)
    json (1.4.6)
    rake (0.8.7)
    rsolr (0.12.1)
      builder (>= 2.1.2)
    rspec (2.1.0)
      rspec-core (~> 2.1.0)
      rspec-expectations (~> 2.1.0)
      rspec-mocks (~> 2.1.0)
    rspec-core (2.1.0)
    rspec-expectations (2.1.0)
      diff-lcs (~> 1.1.2)
    rspec-mocks (2.1.0)
    streamly_ffi (0.1.6)
      curl_ffi

PLATFORMS
  ruby

DEPENDENCIES
  builder
  gsolr!
  json (~> 1.4.6)
  rsolr
  rspec
  rspec-core
  streamly_ffi
